GIT
  remote: git://github.com/edgecase/rasputin.git
  revision: 6740c23aa2e746f981f29300ed12cb6e47554412
  branch: sprockets
  specs:
    rasputin (0.15.0)
      sprockets (~> 2.0)

GEM
  remote: https://rubygems.org/
  specs:
    POpen4 (0.1.4)
      Platform (>= 0.4.0)
      open4
    Platform (0.4.0)
    coderay (1.0.6)
    commonjs (0.2.0)
      therubyracer (~> 0.9.9)
    execjs (1.3.0)
      multi_json (~> 1.0)
    hike (1.2.1)
    less (2.0.9)
      commonjs (~> 0.2.0)
      therubyracer (~> 0.9.9)
    libv8 (3.3.10.4)
    method_source (0.7.1)
    multi_json (1.0.4)
    open4 (1.3.0)
    pry (0.9.9.6)
      coderay (~> 1.0.5)
      method_source (~> 0.7.1)
      slop (>= 2.4.4, < 3)
    rack (1.6.13)
    slop (2.4.4)
    sprockets (2.4.0)
      hike (~> 1.2)
      multi_json (~> 1.0)
      rack (~> 1.0)
      tilt (~> 1.1, != 1.3.0)
    therubyracer (0.9.9)
      libv8 (~> 3.3.10)
    tilt (1.3.3)
    uglifier (1.2.3)
      execjs (>= 0.3.0)
      multi_json (>= 1.0.2)
    yui-compressor (0.9.6)
      POpen4 (>= 0.1.4)

PLATFORMS
  ruby

DEPENDENCIES
  less
  pry
  rasputin!
  sprockets
  uglifier
  yui-compressor
